GEM
  remote: https://rubygems.org/
  specs:
    cowsay (0.3.0)

PLATFORMS
  x86_64-darwin-20

DEPENDENCIES
  cowsay

BUNDLED WITH
   2.2.28
